GIT
  remote: https://github.com/glejeune/Ruby-Graphviz.git
  revision: 62e7dc2a6dc916d8467eaf239429d597fbeab651
  specs:
    ruby-graphviz (1.2.3)

GIT
  remote: https://github.com/rails/arel.git
  revision: 436db6d6e609305aca0d7b0a5b06b81a320a4320
  specs:
    arel (8.0.0)

GIT
  remote: https://github.com/rails/rails.git
  revision: 71df60e921a784fb01729e98fa9636a4b6862d72
  specs:
    actionpack (5.1.0.beta1)
      actionview (= 5.1.0.beta1)
      activesupport (= 5.1.0.beta1)
      rack (~> 2.0)
      rack-test (~> 0.6.3)
      rails-dom-testing (~> 2.0)
      rails-html-sanitizer (~> 1.0, >= 1.0.2)
    actionview (5.1.0.beta1)
      activesupport (= 5.1.0.beta1)
      builder (~> 3.1)
      erubi (~> 1.4)
      rails-dom-testing (~> 2.0)
      rails-html-sanitizer (~> 1.0, >= 1.0.3)
    activemodel (5.1.0.beta1)
      activesupport (= 5.1.0.beta1)
    activerecord (5.1.0.beta1)
      activemodel (= 5.1.0.beta1)
      activesupport (= 5.1.0.beta1)
      arel (~> 8.0)
    activesupport (5.1.0.beta1)
      concurrent-ruby (~> 1.0, >= 1.0.2)
      i18n (~> 0.7)
      minitest (~> 5.1)
      tzinfo (~> 1.1)
    railties (5.1.0.beta1)
      actionpack (= 5.1.0.beta1)
      activesupport (= 5.1.0.beta1)
      method_source
      rake (>= 0.8.7)
      thor (>= 0.18.1, < 2.0)

PATH
  remote: .
  specs:
    advent_of_code (0.0.0)

GEM
  remote: https://rubygems.org/
  specs:
    addressable (2.4.0)
    ast (2.3.0)
    backports (3.6.8)
    builder (3.2.3)
    chronic_duration (0.10.6)
      numerizer (~> 0.1.1)
    codeclimate-test-reporter (1.0.6)
      simplecov
    coderay (1.1.1)
    concurrent-ruby (1.0.4)
    debase (0.2.1)
      debase-ruby_core_source
    debase-ruby_core_source (0.9.6)
    descriptive_statistics (2.5.1)
    diff-lcs (1.3)
    docile (1.1.5)
    erubi (1.5.0)
    ethon (0.10.1)
      ffi (>= 1.3.0)
    faraday (0.11.0)
      multipart-post (>= 1.2, < 3)
    faraday_middleware (0.11.0.1)
      faraday (>= 0.7.4, < 1.0)
    ffi (1.9.17)
    fuubar (2.2.0)
      rspec-core (~> 3.0)
      ruby-progressbar (~> 1.4)
    gh (0.15.0)
      addressable (~> 2.4.0)
      backports
      faraday (~> 0.8)
      multi_json (~> 1.0)
      net-http-persistent (~> 2.9)
      net-http-pipeline
    highline (1.7.8)
    i18n (0.8.1)
    inch (0.7.1)
      pry
      sparkr (>= 0.2.0)
      term-ansicolor
      yard (~> 0.8.7.5)
    json (2.0.3)
    launchy (2.4.3)
      addressable (~> 2.3)
    loofah (2.0.3)
      nokogiri (>= 1.5.9)
    method_source (0.8.2)
    mini_portile2 (2.1.0)
    minitest (5.10.1)
    msgpack (1.0.3)
    multi_json (1.12.1)
    multipart-post (2.0.0)
    net-http-persistent (2.9.4)
    net-http-pipeline (1.0.1)
    nokogiri (1.7.0.1)
      mini_portile2 (~> 2.1.0)
    numerizer (0.1.1)
    parser (2.4.0.0)
      ast (~> 2.2)
    pg (0.19.0)
    powerpack (0.1.1)
    pry (0.10.4)
      coderay (~> 1.1.0)
      method_source (~> 0.8.1)
      slop (~> 3.4)
    pusher-client (0.6.2)
      json
      websocket (~> 1.0)
    rack (2.0.1)
    rack-test (0.6.3)
      rack (>= 1.0)
    rails-dom-testing (2.0.2)
      activesupport (>= 4.2.0, < 6.0)
      nokogiri (~> 1.6)
    rails-html-sanitizer (1.0.3)
      loofah (~> 2.0)
    rainbow (2.2.1)
    rake (10.5.0)
    require_all (1.4.0)
    rspec (3.5.0)
      rspec-core (~> 3.5.0)
      rspec-expectations (~> 3.5.0)
      rspec-mocks (~> 3.5.0)
    rspec-core (3.5.4)
      rspec-support (~> 3.5.0)
    rspec-expectations (3.5.0)
      diff-lcs (>= 1.2.0, < 2.0)
      rspec-support (~> 3.5.0)
    rspec-its (1.2.0)
      rspec-core (>= 3.0.0)
      rspec-expectations (>= 3.0.0)
    rspec-mocks (3.5.0)
      diff-lcs (>= 1.2.0, < 2.0)
      rspec-support (~> 3.5.0)
    rspec-support (3.5.0)
    rubocop (0.47.1)
      parser (>= 2.3.3.1, < 3.0)
      powerpack (~> 0.1)
      rainbow (>= 1.99.1, < 3.0)
      ruby-progressbar (~> 1.7)
      unicode-display_width (~> 1.0, >= 1.0.1)
    rubocop-rspec (1.12.0)
      rubocop (>= 0.42.0)
    ruby-prof (0.16.2)
    ruby-progressbar (1.8.1)
    simplecov (0.13.0)
      docile (~> 1.1.0)
      json (>= 1.8, < 3)
      simplecov-html (~> 0.10.0)
    simplecov-html (0.10.0)
    slop (3.6.0)
    sparkr (0.4.1)
    standalone_migrations (5.0.0)
      activerecord (>= 4.2.7, < 5.1.0)
      railties (>= 4.2.7, < 5.1.0)
      rake (~> 10.0)
    term-ansicolor (1.4.0)
      tins (~> 1.0)
    thor (0.19.4)
    thread_safe (0.3.6)
    tins (1.13.2)
    travis (1.8.6)
      backports
      faraday (~> 0.9)
      faraday_middleware (~> 0.9, >= 0.9.1)
      gh (~> 0.13)
      highline (~> 1.6)
      launchy (~> 2.1)
      pusher-client (~> 0.4)
      typhoeus (~> 0.6, >= 0.6.8)
    typhoeus (0.8.0)
      ethon (>= 0.8.0)
    tzinfo (1.2.2)
      thread_safe (~> 0.1)
    unicode-display_width (1.1.3)
    websocket (1.2.4)
    yard (0.8.7.6)

PLATFORMS
  ruby

DEPENDENCIES
  activerecord!
  advent_of_code!
  arel!
  chronic_duration (~> 0.10.6)
  codeclimate-test-reporter (~> 1.0, >= 1.0.4)
  debase (~> 0.2.1)
  descriptive_statistics (~> 2.5, >= 2.5.1)
  fuubar (~> 2.2)
  inch (~> 0.7.1)
  msgpack (~> 1.0, >= 1.0.2)
  pg (~> 0.19.0)
  rake (~> 10.0)
  require_all (~> 1.3, >= 1.3.3)
  rspec (~> 3.5)
  rspec-its (~> 1.2)
  rubocop (~> 0.47.1)
  rubocop-rspec (~> 1.10)
  ruby-graphviz!
  ruby-prof (~> 0.16.2)
  simplecov (~> 0.13.0)
  standalone_migrations (~> 5.0)
  travis (~> 1.8, >= 1.8.5)

RUBY VERSION
   ruby 2.4.0p0

BUNDLED WITH
   1.13.7
